GEM
  remote: https://rubygems.org/
  specs:
    dotenv (2.0.1)
    json (1.8.2)
    mini_portile (0.6.2)
    nexmo (3.0.0)
    nokogiri (1.6.6.2)
      mini_portile (~> 0.6.0)
    rack (1.6.1)
    rack-protection (1.5.3)
      rack
    sinatra (1.4.6)
      rack (~> 1.4)
      rack-protection (~> 1.4)
      tilt (>= 1.3, < 3)
    tilt (2.0.1)

PLATFORMS
  ruby

DEPENDENCIES
  dotenv
  json
  nexmo
  nokogiri
  sinatra
